GEM
  specs:
    ffi (1.15.1)
    sassc (2.4.0)
      ffi (~> 1.9)

PLATFORMS
  ruby

DEPENDENCIES
  sassc (= 2.4.0)

BUNDLED WITH
   2.1.4
